GEM
  remote: http://rubygems.org/
  specs:
    actionmailer (2.3.12)
      actionpack (= 2.3.12)
    actionpack (2.3.12)
      activesupport (= 2.3.12)
      rack (~> 1.1.0)
    activerecord (2.3.12)
      activesupport (= 2.3.12)
    activeresource (2.3.12)
      activesupport (= 2.3.12)
    activesupport (2.3.12)
    daemons (1.1.8)
    haml (3.0.21)
    memcache-client (1.8.5)
    nokogiri (1.4.4)
    pg (0.13.1)
    rack (1.1.3)
    rack-throttle (0.3.0)
      rack (>= 1.0.0)
    rails (2.3.12)
      actionmailer (= 2.3.12)
      actionpack (= 2.3.12)
      activerecord (= 2.3.12)
      activeresource (= 2.3.12)
      activesupport (= 2.3.12)
      rake (>= 0.8.3)
    rake (0.9.2.2)
    system_timer (1.0)

PLATFORMS
  ruby

DEPENDENCIES
  daemons (~> 1.1.8)
  haml (= 3.0.21)
  memcache-client (= 1.8.5)
  nokogiri (= 1.4.4)
  pg (~> 0.13.1)
  rack-throttle (= 0.3.0)
  rails (= 2.3.12)
  system_timer (= 1.0)
